PATH
  remote: .
  specs:
    siriproxy-mios (0.0.1)
      mios (>= 0.2.0)

PATH
  remote: /Users/hack/Documents/Source/ruby-mios
  specs:
    mios (0.3.0)
      httpclient (>= 2.2.0)
      multi_json (>= 1.3.0)

GEM
  remote: http://rubygems.org/
  specs:
    httpclient (2.3.3)
    multi_json (1.7.7)

PLATFORMS
  ruby

DEPENDENCIES
  mios!
  siriproxy-mios!
